PATH
  remote: .
  specs:
    f1api (0.10.0)
      oauth (~> 0.4.6)

GEM
  remote: http://rubygems.org/
  specs:
    diff-lcs (1.1.3)
    oauth (0.4.6)
    rspec (2.9.0)
      rspec-core (~> 2.9.0)
      rspec-expectations (~> 2.9.0)
      rspec-mocks (~> 2.9.0)
    rspec-core (2.9.0)
    rspec-expectations (2.9.1)
      diff-lcs (~> 1.1.3)
    rspec-mocks (2.9.0)

PLATFORMS
  ruby

DEPENDENCIES
  f1api!
  rspec
