GEM
  remote: http://rubygems.org/
  specs:
    activemodel (3.0.3)
      activesupport (= 3.0.3)
      builder (~> 2.1.2)
      i18n (~> 0.4)
    activeresource (3.0.3)
      activemodel (= 3.0.3)
      activesupport (= 3.0.3)
    activesupport (3.0.3)
    builder (2.1.2)
    i18n (0.4.2)
    mocha (0.9.9)
      rake
    nokogiri (1.4.4)
    oauth (0.4.4)
    rake (0.8.7)

PLATFORMS
  ruby

DEPENDENCIES
  activeresource
  mocha
  nokogiri
  oauth (= 0.4.4)
