GEM
  specs:
    hpricot (0.8.3)
    oauth (0.4.4)

PLATFORMS
  ruby

DEPENDENCIES
  hpricot
  oauth (= 0.4.4)
