GEM
  remote: http://rubygems.org/
  specs:
    activemodel (3.0.4)
      activesupport (= 3.0.4)
      builder (~> 2.1.2)
      i18n (~> 0.4)
    activeresource (3.0.4)
      activemodel (= 3.0.4)
      activesupport (= 3.0.4)
    activesupport (3.0.4)
    builder (2.1.2)
    i18n (0.5.0)
    mocha (0.9.11)
      rake
    nokogiri (1.4.4)
    oauth (0.4.4)
    rake (0.8.7)

PLATFORMS
  ruby

DEPENDENCIES
  activeresource
  mocha
  nokogiri
  oauth (= 0.4.4)
