PATH
  remote: .
  specs:
    f1api (0.10.0)
      activeresource
      oauth (>= 0.4.4)

GEM
  remote: http://rubygems.org/
  specs:
    activemodel (3.2.8)
      activesupport (= 3.2.8)
      builder (~> 3.0.0)
    activeresource (3.2.8)
      activemodel (= 3.2.8)
      activesupport (= 3.2.8)
    activesupport (3.2.8)
      i18n (~> 0.6)
      multi_json (~> 1.0)
    builder (3.0.3)
    i18n (0.6.1)
    mocha (0.9.11)
      rake
    multi_json (1.3.6)
    oauth (0.4.7)
    rake (0.8.7)

PLATFORMS
  ruby

DEPENDENCIES
  f1api!
  mocha
